GIT
  remote: https://github.com/omniauth/omniauth-github.git
  revision: d2d9e01d4ea3f99bad94edaf0da6ac1237d3c949
  branch: master
  specs:
    omniauth-github (2.0.0)
      omniauth (~> 2.0)
      omniauth-oauth2 (~> 1.7.1)

GEM
  remote: https://rubygems.org/
  specs:
    actioncable (6.1.6)
      actionpack (= 6.1.6)
      activesupport (= 6.1.6)
      nio4r (~> 2.0)
      websocket-driver (>= 0.6.1)
    actionmailbox (6.1.6)
      actionpack (= 6.1.6)
      activejob (= 6.1.6)
      activerecord (= 6.1.6)
      activestorage (= 6.1.6)
      activesupport (= 6.1.6)
      mail (>= 2.7.1)
    actionmailer (6.1.6)
      actionpack (= 6.1.6)
      actionview (= 6.1.6)
      activejob (= 6.1.6)
      activesupport (= 6.1.6)
      mail (~> 2.5, >= 2.5.4)
      rails-dom-testing (~> 2.0)
    actionpack (6.1.6)
      actionview (= 6.1.6)
      activesupport (= 6.1.6)
      rack (~> 2.0, >= 2.0.9)
      rack-test (>= 0.6.3)
      rails-dom-testing (~> 2.0)
      rails-html-sanitizer (~> 1.0, >= 1.2.0)
    actiontext (6.1.6)
      actionpack (= 6.1.6)
      activerecord (= 6.1.6)
      activestorage (= 6.1.6)
      activesupport (= 6.1.6)
      nokogiri (>= 1.8.5)
    actionview (6.1.6)
      activesupport (= 6.1.6)
      builder (~> 3.1)
      erubi (~> 1.4)
      rails-dom-testing (~> 2.0)
      rails-html-sanitizer (~> 1.1, >= 1.2.0)
    activeadmin (2.13.1)
      arbre (~> 1.2, >= 1.2.1)
      formtastic (>= 3.1, < 5.0)
      formtastic_i18n (~> 0.4)
      inherited_resources (~> 1.7)
      jquery-rails (~> 4.2)
      kaminari (~> 1.0, >= 1.2.1)
      railties (>= 6.1, < 7.1)
      ransack (>= 2.1.1, < 4)
    activejob (6.1.6)
      activesupport (= 6.1.6)
      globalid (>= 0.3.6)
    activemodel (6.1.6)
      activesupport (= 6.1.6)
    activerecord (6.1.6)
      activemodel (= 6.1.6)
      activesupport (= 6.1.6)
    activestorage (6.1.6)
      actionpack (= 6.1.6)
      activejob (= 6.1.6)
      activerecord (= 6.1.6)
      activesupport (= 6.1.6)
      marcel (~> 1.0)
      mini_mime (>= 1.1.0)
    activesupport (6.1.6)
      concurrent-ruby (~> 1.0, >= 1.0.2)
      i18n (>= 1.6, < 2)
      minitest (>= 5.1)
      tzinfo (~> 2.0)
      zeitwerk (~> 2.3)
    addressable (2.8.0)
      public_suffix (>= 2.0.2, < 5.0)
    arbre (1.5.0)
      activesupport (>= 3.0.0, < 7.1)
      ruby2_keywords (>= 0.0.2, < 1.0)
    ast (2.4.2)
    bcrypt (3.1.18)
    bindex (0.8.1)
    bootsnap (1.12.0)
      msgpack (~> 1.2)
    builder (3.2.4)
    byebug (11.1.3)
    capybara (3.37.1)
      addressable
      matrix
      mini_mime (>= 0.1.3)
      nokogiri (~> 1.8)
      rack (>= 1.6.0)
      rack-test (>= 0.6.3)
      regexp_parser (>= 1.5, < 3.0)
      xpath (~> 3.2)
    childprocess (4.1.0)
    coderay (1.1.3)
    concurrent-ruby (1.1.10)
    connection_pool (2.2.5)
    crass (1.0.6)
    devise (4.8.1)
      bcrypt (~> 3.0)
      orm_adapter (~> 0.1)
      railties (>= 4.1.0)
      responders
      warden (~> 1.2.3)
    doorkeeper (5.5.4)
      railties (>= 5)
    dotenv (2.7.6)
    dotenv-rails (2.7.6)
      dotenv (= 2.7.6)
      railties (>= 3.2)
    erubi (1.10.0)
    et-orbi (1.2.7)
      tzinfo
    faraday (2.3.0)
      faraday-net_http (~> 2.0)
      ruby2_keywords (>= 0.0.4)
    faraday-net_http (2.0.3)
    ffi (1.15.5)
    formtastic (4.0.0)
      actionpack (>= 5.2.0)
    formtastic_i18n (0.7.0)
    fugit (1.5.3)
      et-orbi (~> 1, >= 1.2.7)
      raabro (~> 1.4)
    globalid (1.0.0)
      activesupport (>= 5.0)
    has_scope (0.8.0)
      actionpack (>= 5.2)
      activesupport (>= 5.2)
    hashie (5.0.0)
    i18n (1.10.0)
      concurrent-ruby (~> 1.0)
    inherited_resources (1.13.1)
      actionpack (>= 5.2, < 7.1)
      has_scope (~> 0.6)
      railties (>= 5.2, < 7.1)
      responders (>= 2, < 4)
    jbuilder (2.11.5)
      actionview (>= 5.0.0)
      activesupport (>= 5.0.0)
    jquery-rails (4.5.0)
      rails-dom-testing (>= 1, < 3)
      railties (>= 4.2.0)
      thor (>= 0.14, < 2.0)
    jwt (2.3.0)
    kaminari (1.2.2)
      activesupport (>= 4.1.0)
      kaminari-actionview (= 1.2.2)
      kaminari-activerecord (= 1.2.2)
      kaminari-core (= 1.2.2)
    kaminari-actionview (1.2.2)
      actionview
      kaminari-core (= 1.2.2)
    kaminari-activerecord (1.2.2)
      activerecord
      kaminari-core (= 1.2.2)
    kaminari-core (1.2.2)
    listen (3.7.1)
      rb-fsevent (~> 0.10, >= 0.10.3)
      rb-inotify (~> 0.9, >= 0.9.10)
    loofah (2.18.0)
      crass (~> 1.0.2)
      nokogiri (>= 1.5.9)
    mail (2.7.1)
      mini_mime (>= 0.1.1)
    marcel (1.0.2)
    matrix (0.4.2)
    method_source (1.0.0)
    mini_mime (1.1.2)
    minitest (5.15.0)
    msgpack (1.5.2)
    multi_json (1.15.0)
    multi_xml (0.6.0)
    net-http (0.2.2)
      uri
    nio4r (2.5.8)
    nokogiri (1.13.6-x86_64-darwin)
      racc (~> 1.4)
    nokogiri (1.13.6-x86_64-linux)
      racc (~> 1.4)
    oauth2 (1.4.9)
      faraday (>= 0.17.3, < 3.0)
      jwt (>= 1.0, < 3.0)
      multi_json (~> 1.3)
      multi_xml (~> 0.5)
      rack (>= 1.2, < 3)
    omniauth (2.1.0)
      hashie (>= 3.4.6)
      rack (>= 2.2.3)
      rack-protection
    omniauth-apple (1.0.2)
      jwt
      omniauth-oauth2
    omniauth-google-oauth2 (1.0.1)
      jwt (>= 2.0)
      oauth2 (~> 1.1)
      omniauth (~> 2.0)
      omniauth-oauth2 (~> 1.7.1)
    omniauth-oauth2 (1.7.2)
      oauth2 (~> 1.4)
      omniauth (>= 1.9, < 3)
    omniauth-rails_csrf_protection (1.0.1)
      actionpack (>= 4.2)
      omniauth (~> 2.0)
    omniauth-wechat-oauth2 (0.2.2)
      omniauth (>= 1.3.2)
      omniauth-oauth2 (>= 1.1.1)
    orm_adapter (0.5.0)
    parallel (1.22.1)
    parser (3.1.2.0)
      ast (~> 2.4.1)
    pg (1.3.5)
    pry (0.13.1)
      coderay (~> 1.1)
      method_source (~> 1.0)
    pry-byebug (3.9.0)
      byebug (~> 11.0)
      pry (~> 0.13.0)
    public_suffix (4.0.7)
    puma (4.3.12)
      nio4r (~> 2.0)
    raabro (1.4.0)
    racc (1.6.0)
    rack (2.2.3.1)
    rack-cors (1.1.1)
      rack (>= 2.0.0)
    rack-mini-profiler (2.3.4)
      rack (>= 1.2.0)
    rack-protection (2.2.0)
      rack
    rack-proxy (0.7.2)
      rack
    rack-test (1.1.0)
      rack (>= 1.0, < 3)
    rails (6.1.6)
      actioncable (= 6.1.6)
      actionmailbox (= 6.1.6)
      actionmailer (= 6.1.6)
      actionpack (= 6.1.6)
      actiontext (= 6.1.6)
      actionview (= 6.1.6)
      activejob (= 6.1.6)
      activemodel (= 6.1.6)
      activerecord (= 6.1.6)
      activestorage (= 6.1.6)
      activesupport (= 6.1.6)
      bundler (>= 1.15.0)
      railties (= 6.1.6)
      sprockets-rails (>= 2.0.0)
    rails-dom-testing (2.0.3)
      activesupport (>= 4.2.0)
      nokogiri (>= 1.6)
    rails-html-sanitizer (1.4.2)
      loofah (~> 2.3)
    railties (6.1.6)
      actionpack (= 6.1.6)
      activesupport (= 6.1.6)
      method_source
      rake (>= 12.2)
      thor (~> 1.0)
    rainbow (3.1.1)
    rake (13.0.6)
    ransack (3.2.1)
      activerecord (>= 6.1.5)
      activesupport (>= 6.1.5)
      i18n
    rb-fsevent (0.11.1)
    rb-inotify (0.10.1)
      ffi (~> 1.0)
    redis (4.6.0)
    regexp_parser (2.5.0)
    responders (3.0.1)
      actionpack (>= 5.0)
      railties (>= 5.0)
    rexml (3.2.5)
    rubocop (1.30.0)
      parallel (~> 1.10)
      parser (>= 3.1.0.0)
      rainbow (>= 2.2.2, < 4.0)
      regexp_parser (>= 1.8, < 3.0)
      rexml (>= 3.2.5, < 4.0)
      rubocop-ast (>= 1.18.0, < 2.0)
      ruby-progressbar (~> 1.7)
      unicode-display_width (>= 1.4.0, < 3.0)
    rubocop-ast (1.18.0)
      parser (>= 3.1.1.0)
    ruby-progressbar (1.11.0)
    ruby2_keywords (0.0.5)
    rubyzip (2.3.2)
    sass-rails (6.0.0)
      sassc-rails (~> 2.1, >= 2.1.1)
    sassc (2.4.0)
      ffi (~> 1.9)
    sassc-rails (2.1.2)
      railties (>= 4.0.0)
      sassc (>= 2.0)
      sprockets (> 3.0)
      sprockets-rails
      tilt
    selenium-webdriver (4.2.1)
      childprocess (>= 0.5, < 5.0)
      rexml (~> 3.2, >= 3.2.5)
      rubyzip (>= 1.2.2, < 3.0)
      websocket (~> 1.0)
    semantic_range (3.0.0)
    sidekiq (6.4.2)
      connection_pool (>= 2.2.2)
      rack (~> 2.0)
      redis (>= 4.2.0)
    sidekiq-cron (1.4.0)
      fugit (~> 1)
      sidekiq (>= 4.2.1)
    spring (4.0.0)
    sprockets (4.0.3)
      concurrent-ruby (~> 1.0)
      rack (> 1, < 3)
    sprockets-rails (3.4.2)
      actionpack (>= 5.2)
      activesupport (>= 5.2)
      sprockets (>= 3.0.0)
    thor (1.2.1)
    tilt (2.0.10)
    turbolinks (5.2.1)
      turbolinks-source (~> 5.2)
    turbolinks-source (5.2.0)
    tzinfo (2.0.4)
      concurrent-ruby (~> 1.0)
    unicode-display_width (2.1.0)
    uri (0.11.0)
    warden (1.2.9)
      rack (>= 2.0.9)
    web-console (4.2.0)
      actionview (>= 6.0.0)
      activemodel (>= 6.0.0)
      bindex (>= 0.4.0)
      railties (>= 6.0.0)
    webdrivers (5.0.0)
      nokogiri (~> 1.6)
      rubyzip (>= 1.3.0)
      selenium-webdriver (~> 4.0)
    webpacker (5.4.3)
      activesupport (>= 5.2)
      rack-proxy (>= 0.6.1)
      railties (>= 5.2)
      semantic_range (>= 2.3.0)
    websocket (1.2.9)
    websocket-driver (0.7.5)
      websocket-extensions (>= 0.1.0)
    websocket-extensions (0.1.5)
    xpath (3.2.0)
      nokogiri (~> 1.8)
    zeitwerk (2.5.4)

PLATFORMS
  x86_64-darwin-19
  x86_64-linux

DEPENDENCIES
  activeadmin
  bootsnap (>= 1.4.4)
  byebug
  capybara (>= 3.26)
  devise
  doorkeeper (~> 5.5)
  dotenv-rails
  jbuilder (~> 2.7)
  listen (~> 3.3)
  net-http
  omniauth
  omniauth-apple (~> 1.0)
  omniauth-github!
  omniauth-google-oauth2 (~> 1.0)
  omniauth-rails_csrf_protection
  omniauth-wechat-oauth2 (~> 0.2.2)
  pg
  pry-byebug
  puma (~> 4.3)
  rack-cors
  rack-mini-profiler (~> 2.0)
  rails (~> 6.1.6)
  rubocop
  sass-rails (>= 6)
  selenium-webdriver (>= 4.0.0.rc1)
  sidekiq (~> 6.4)
  sidekiq-cron (~> 1.4)
  spring
  turbolinks (~> 5)
  tzinfo-data
  web-console (>= 4.1.0)
  webdrivers
  webpacker (~> 5.0)

RUBY VERSION
   ruby 2.7.6p219

BUNDLED WITH
   2.3.13
